GEM
  remote: http://rubygems.org/
  specs:
    addressable (2.4.0)
    android_lint_translate_checkstyle_format (0.1.2)
      nori
      thor
    ast (2.2.0)
    checkstyle_filter-git (1.0.3)
      git_diff_parser
      thor
    dotenv (2.1.1)
    env_branch (1.2.0)
    env_pull_request (1.0.0)
      natural_number_string
    faraday (0.9.2)
      multipart-post (>= 1.2, < 3)
    findbugs_translate_checkstyle_format (0.2.4)
      nori
      thor
    git (1.3.0)
    git_clone_url (2.0.0)
      uri-ssh_git (>= 2.0)
    git_diff_parser (2.3.0)
    github_status_notifier (0.1.2)
      saddler-reporter-github
      thor
    json (1.8.3)
    multipart-post (2.0.0)
    natural_number_string (1.0.1)
    nori (2.6.0)
    octokit (4.3.0)
      sawyer (~> 0.7.0, >= 0.5.3)
    parser (2.3.1.0)
      ast (~> 2.2)
    pmd_translate_checkstyle_format (0.2.2)
      nori
      thor
    powerpack (0.1.1)
    rack (1.6.4)
    rack-protection (1.5.3)
      rack
    rainbow (2.1.0)
    rubocop (0.40.0)
      parser (>= 2.3.1.0, < 3.0)
      powerpack (~> 0.1)
      rainbow (>= 1.99.1, < 3.0)
      ruby-progressbar (~> 1.7)
      unicode-display_width (~> 1.0, >= 1.0.1)
    rubocop-checkstyle_formatter (0.2.0)
      rubocop (>= 0.20.1)
    rubocop-select (1.0.0)
      rubocop
    ruby-progressbar (1.8.1)
    saddler (1.0.0)
      saddler-reporter-text
      thor
    saddler-reporter-github (1.0.0)
      env_pull_request (>= 1.0)
      git_diff_parser (>= 2.0, < 3.0)
      octokit
      saddler-reporter-support (>= 1.0)
      saddler-reporter-support-git (>= 1.0)
    saddler-reporter-support (1.0.0)
      nori
    saddler-reporter-support-git (2.0.0)
      env_branch (>= 1.0)
      git (>= 1.0, < 2.0)
      git_clone_url (>= 2.0, < 3.0)
    saddler-reporter-text (1.0.0)
    sawyer (0.7.0)
      addressable (>= 2.3.5, < 2.5)
      faraday (~> 0.8, < 0.10)
    sinatra (1.3.6)
      rack (~> 1.4)
      rack-protection (~> 1.3)
      tilt (~> 1.3, >= 1.3.3)
    thor (0.19.1)
    tilt (1.4.1)
    unicode-display_width (1.0.5)
    uri-ssh_git (2.0.0)

PLATFORMS
  ruby

DEPENDENCIES
  android_lint_translate_checkstyle_format
  checkstyle_filter-git
  dotenv
  findbugs_translate_checkstyle_format
  github_status_notifier
  json (~> 1.8)
  octokit
  pmd_translate_checkstyle_format
  rubocop
  rubocop-checkstyle_formatter
  rubocop-select
  saddler
  saddler-reporter-github
  sinatra (~> 1.3.5)

RUBY VERSION
   ruby 2.3.1p112

BUNDLED WITH
   1.12.3
